GIT
  remote: git://github.com/200Creative/spree_bootstrap_frontend.git
  revision: 621fcbbdae5658ec050422d3399527daa5053804
  branch: 2-3-stable
  specs:
    spree_bootstrap_frontend (2.3.0)
      bootstrap-kaminari-views (~> 0.0.3)
      bootstrap-sass (~> 3.2.0)
      spree_core (~> 2.3.0)
      spree_frontend (~> 2.3.0)

GIT
  remote: git://github.com/spree-contrib/spree-multi-domain.git
  revision: 4c1424064237798d2763bfab2274deb32c35e7ae
  branch: 2-3-stable
  specs:
    spree_multi_domain (1.0.0)
      spree_api (~> 2.3.0)
      spree_backend (~> 2.3.0)
      spree_core (~> 2.3.0)
      spree_frontend (~> 2.3.0)

GIT
  remote: git://github.com/spree-contrib/spree_reviews.git
  revision: 849bf78e2ba3eabc329217ffbbd77549ab4b4812
  branch: 2-3-stable
  specs:
    spree_reviews (1.0.0)
      spree_core (~> 2.3.0)

GIT
  remote: git://github.com/spree-contrib/spree_social.git
  revision: e7ad004a50c8e31ff33831178f6d173184ec54c2
  branch: 2-3-stable
  specs:
    spree_social (2.3.0)
      oa-core
      omniauth
      omniauth-amazon
      omniauth-facebook
      omniauth-github
      omniauth-google-oauth2
      omniauth-twitter
      spree_core (~> 2.3.0)

GIT
  remote: git://github.com/spree-contrib/spree_volume_pricing.git
  revision: 177734cc141682a0436742455053df587f109258
  branch: 2-3-stable
  specs:
    spree_volume_pricing (3.3.0)
      spree_core (~> 2.3.0)

GIT
  remote: git://github.com/spree/spree_auth_devise.git
  revision: b3b63f1fa01e8ccce300b663f8405fd190d9d9ba
  branch: 2-3-stable
  specs:
    spree_auth_devise (2.3.0)
      devise (~> 3.2.3)
      devise-encryptable (= 0.1.2)
      json
      multi_json
      spree_core (~> 2.3.0)

GIT
  remote: git://github.com/spree/spree_editor.git
  revision: a0c7dee3cd2f8310f00b3594d5bfd0f13b16134c
  branch: 2-3-stable
  specs:
    spree_editor (2.2.1)
      ckeditor (= 4.0.11)
      spree_backend (~> 2.3.0)
      tinymce-rails (~> 4.0.16)

GIT
  remote: git://github.com/spree/spree_i18n.git
  revision: 71ea34679736134741f63f37f0e4b2e19d4efe2a
  branch: 2-3-stable
  specs:
    spree_i18n (3.0.0)
      friendly_id-globalize
      globalize (~> 4.0.3)
      i18n_data (~> 0.5.1)
      rails-i18n (~> 4.0.1)
      spree_core (~> 2.3.0)

GIT
  remote: git://github.com/spree/spree_static_content.git
  revision: 064d2f004c9414a49923b9ca47ae10f3ce0915e0
  branch: 2-3-stable
  specs:
    spree_static_content (2.3.0)
      spree_core (~> 2.3.0)

GIT
  remote: git://github.com/stefansenk/spree-blogging-spree.git
  revision: f359719af6510bf1b4c4e956c300b2a559935b1b
  branch: 2-3-stable
  specs:
    spree_blogging_spree (2.3.0)
      acts-as-taggable-on (~> 3.0.2)
      spree_core (~> 2.3.0)

GIT
  remote: https://github.com/spree/spree_gateway.git
  revision: 6ad5f6b82986f4cf1ddf8f9370f96e2e7501f24c
  branch: 2-3-stable
  specs:
    spree_gateway (2.3.0.beta)
      spree_core (~> 2.3.0)

GEM
  remote: https://rubygems.org/
  specs:
    actionmailer (4.1.6)
      actionpack (= 4.1.6)
      actionview (= 4.1.6)
      mail (~> 2.5, >= 2.5.4)
    actionpack (4.1.6)
      actionview (= 4.1.6)
      activesupport (= 4.1.6)
      rack (~> 1.5.2)
      rack-test (~> 0.6.2)
    actionview (4.1.6)
      activesupport (= 4.1.6)
      builder (~> 3.1)
      erubis (~> 2.7.0)
    active_utils (2.2.3)
      activesupport (>= 2.3.11)
      i18n
    activemerchant (1.44.1)
      active_utils (~> 2.2.0)
      activesupport (>= 3.2.14, < 5.0.0)
      builder (>= 2.1.2, < 4.0.0)
      i18n (>= 0.6.9)
      json (~> 1.7)
      nokogiri (~> 1.4)
      offsite_payments (~> 2.0.0)
    activemodel (4.1.6)
      activesupport (= 4.1.6)
      builder (~> 3.1)
    activerecord (4.1.6)
      activemodel (= 4.1.6)
      activesupport (= 4.1.6)
      arel (~> 5.0.0)
    activesupport (4.1.6)
      i18n (~> 0.6, >= 0.6.9)
      json (~> 1.7, >= 1.7.7)
      minitest (~> 5.1)
      thread_safe (~> 0.1)
      tzinfo (~> 1.1)
    acts-as-taggable-on (3.0.2)
      rails (>= 3, < 5)
    acts_as_list (0.3.0)
      activerecord (>= 3.0)
    angularjs-rails (1.4.2)
    arel (5.0.1.20140414130214)
    ast (2.4.0)
    attr_required (1.0.0)
    awesome_nested_set (3.0.2)
      activerecord (>= 4.0.0, < 5)
    aws-sdk (1.27.0)
      json (~> 1.4)
      nokogiri (>= 1.4.4)
      uuidtools (~> 2.1)
    bcrypt (3.1.12)
    bootstrap-datepicker-rails (1.6.1.1)
      railties (>= 3.0)
    bootstrap-kaminari-views (0.0.5)
      kaminari (>= 0.13)
      rails (>= 3.1)
    bootstrap-sass (3.2.0.4)
      sass (~> 3.2)
    bootstrap-select-rails (1.12.4)
    browser (0.8.0)
    builder (3.2.2)
    cancancan (1.9.2)
    canonical-rails (0.0.9)
      rails (>= 3.1, < 5.0)
    capistrano (3.4.0)
      i18n
      rake (>= 10.0.0)
      sshkit (~> 1.3)
    capistrano-bundler (1.1.4)
      capistrano (~> 3.1)
      sshkit (~> 1.2)
    capistrano-rails (1.1.3)
      capistrano (~> 3.1)
      capistrano-bundler (~> 1.1)
    capistrano-rvm (0.1.2)
      capistrano (~> 3.0)
      sshkit (~> 1.2)
    capistrano3-delayed-job (1.4.0)
      capistrano (>= 3.0.0)
    chosen-rails (1.5.2)
      coffee-rails (>= 3.2)
      railties (>= 3.0)
      sass-rails (>= 3.2)
    chronic (0.10.2)
    ckeditor (4.0.11)
      mime-types
      orm_adapter (~> 0.5.0)
    climate_control (0.0.3)
      activesupport (>= 3.0)
    cocaine (0.5.7)
      climate_control (>= 0.0.3, < 1.0)
    coffee-rails (4.0.1)
      coffee-script (>= 2.2.0)
      railties (>= 4.0.0, < 5.0)
    coffee-script (2.2.0)
      coffee-script-source
      execjs
    coffee-script-source (1.9.1.1)
    colorize (0.7.7)
    daemons (1.3.1)
    declarative (0.0.10)
    declarative-builder (0.1.0)
      declarative-option (< 0.2.0)
    declarative-option (0.1.0)
    deface (1.0.1)
      colorize (>= 0.5.8)
      nokogiri (~> 1.6.0)
      polyglot
      rails (>= 3.1)
    delayed_job (4.0.6)
      activesupport (>= 3.0, < 5.0)
    delayed_job_active_record (4.0.3)
      activerecord (>= 3.0, < 5.0)
      delayed_job (>= 3.0, < 4.1)
    devise (3.2.4)
      bcrypt (~> 3.0)
      orm_adapter (~> 0.1)
      railties (>= 3.2.6, < 5)
      thread_safe (~> 0.1)
      warden (~> 1.2.3)
    devise-encryptable (0.1.2)
      devise (>= 2.1.0)
    disposable (0.4.4)
      declarative (>= 0.0.9, < 1.0.0)
      declarative-builder (< 0.2.0)
      declarative-option (< 0.2.0)
      representable (>= 2.4.0, <= 3.1.0)
      uber (< 0.2.0)
    domain_name (0.5.24)
      unf (>= 0.0.5, < 1.0.0)
    dynamic_sitemaps (2.0.0)
    erubis (2.7.0)
    execjs (2.5.2)
    fancybox2-rails (0.2.8)
      railties (>= 3.1.0, < 5.0)
    faraday (0.9.1)
      multipart-post (>= 1.2, < 3)
    fb_graph (2.7.17)
      httpclient (>= 2.4)
      multi_json (>= 1.3)
      rack-oauth2 (>= 0.14.4)
      tzinfo
    ffaker (1.32.1)
    font-awesome-rails (4.3.0.0)
      railties (>= 3.2, < 5.0)
    friendly_id (5.0.5)
      activerecord (>= 4.0.0)
    friendly_id-globalize (1.0.0.alpha1)
      friendly_id (>= 5.0.0.beta4, < 6.0)
    geoip (1.6.1)
    globalize (4.0.3)
      activemodel (>= 4.0.0, < 5)
      activerecord (>= 4.0.0, < 5)
    hashie (3.4.2)
    highcharts-rails (6.0.3)
      railties (>= 3.1)
    highline (1.6.21)
    hike (1.2.3)
    http-cookie (1.0.2)
      domain_name (~> 0.5)
    httparty (0.13.5)
      json (~> 1.8)
      multi_xml (>= 0.5.2)
    httpclient (2.8.3)
    i18n (0.7.0)
    i18n_data (0.5.1)
    jaro_winkler (1.5.2)
    jbuilder (2.3.1)
      activesupport (>= 3.0.0, < 5)
      multi_json (~> 1.2)
    jquery-rails (3.1.3)
      railties (>= 3.0, < 5.0)
      thor (>= 0.14, < 2.0)
    jquery-ui-rails (4.1.2)
      railties (>= 3.1.0)
    json (1.8.6)
    jwt (1.5.1)
    kaminari (0.16.3)
      actionpack (>= 3.0.0)
      activesupport (>= 3.0.0)
    libv8 (3.16.14.11)
    mail (2.6.3)
      mime-types (>= 1.16, < 3)
    mechanize (2.7.3)
      domain_name (~> 0.5, >= 0.5.1)
      http-cookie (~> 1.0)
      mime-types (~> 2.0)
      net-http-digest_auth (~> 1.1, >= 1.1.1)
      net-http-persistent (~> 2.5, >= 2.5.2)
      nokogiri (~> 1.4)
      ntlm-http (~> 0.1, >= 0.1.1)
      webrobots (>= 0.0.9, < 0.2)
    mime-types (2.6.1)
    mini_portile (0.6.2)
    minitest (5.7.0)
    monetize (1.3.0)
      money (~> 6.5.0)
    money (6.5.1)
      i18n (>= 0.6.4, <= 0.7.0)
    multi_json (1.11.2)
    multi_xml (0.5.5)
    multipart-post (2.0.0)
    mysql2 (0.3.18)
    net-http-digest_auth (1.4)
    net-http-persistent (2.9.4)
    net-scp (1.1.2)
      net-ssh (>= 2.6.5)
    net-ssh (2.9.2)
    netrc (0.11.0)
    nokogiri (1.6.6.2)
      mini_portile (~> 0.6.0)
    ntlm-http (0.1.1)
    oa-core (0.3.2)
    oauth (0.5.6)
    oauth2 (1.0.0)
      faraday (>= 0.8, < 0.10)
      jwt (~> 1.0)
      multi_json (~> 1.3)
      multi_xml (~> 0.5)
      rack (~> 1.2)
    offsite_payments (2.0.1)
      active_utils (~> 2.2.0)
      activesupport (>= 3.2.14, < 5.0.0)
      builder (>= 2.1.2, < 4.0.0)
      i18n (~> 0.5)
      json (~> 1.7)
      money (< 7.0.0)
      nokogiri (~> 1.4)
    omniauth (1.2.2)
      hashie (>= 1.2, < 4)
      rack (~> 1.0)
    omniauth-amazon (1.0.0)
      omniauth (~> 1.0)
      omniauth-oauth2 (~> 1.1)
    omniauth-facebook (2.0.1)
      omniauth-oauth2 (~> 1.2)
    omniauth-github (1.1.2)
      omniauth (~> 1.0)
      omniauth-oauth2 (~> 1.1)
    omniauth-google-oauth2 (0.2.6)
      omniauth (> 1.0)
      omniauth-oauth2 (~> 1.1)
    omniauth-oauth (1.1.0)
      oauth
      omniauth (~> 1.0)
    omniauth-oauth2 (1.3.1)
      oauth2 (~> 1.0)
      omniauth (~> 1.2)
    omniauth-twitter (1.2.0)
      json (~> 1.3)
      omniauth-oauth (~> 1.1)
    orm_adapter (0.5.0)
    paperclip (4.2.4)
      activemodel (>= 3.2.0)
      activesupport (>= 3.2.0)
      cocaine (~> 0.5.5)
      mime-types
    parallel (1.13.0)
    paranoia (2.1.3)
      activerecord (~> 4.0)
    parser (2.6.0.0)
      ast (~> 2.4.0)
    polyamorous (1.2.0)
      activerecord (>= 3.0)
    polyglot (0.3.5)
    popper_js (1.14.5)
    powerpack (0.1.2)
    pusher (1.3.2)
      httpclient (~> 2.7)
      multi_json (~> 1.0)
      pusher-signature (~> 0.1.8)
    pusher-signature (0.1.8)
    quiet_assets (1.1.0)
      railties (>= 3.1, < 5.0)
    rabl (0.9.4.pre1)
      activesupport (>= 2.3.14)
    rack (1.5.5)
    rack-oauth2 (1.2.0)
      activesupport (>= 2.3)
      attr_required (>= 0.0.5)
      httpclient (>= 2.4)
      multi_json (>= 1.3.6)
      rack (>= 1.1)
    rack-test (0.6.3)
      rack (>= 1.0)
    rails (4.1.6)
      actionmailer (= 4.1.6)
      actionpack (= 4.1.6)
      actionview (= 4.1.6)
      activemodel (= 4.1.6)
      activerecord (= 4.1.6)
      activesupport (= 4.1.6)
      bundler (>= 1.3.0, < 2.0)
      railties (= 4.1.6)
      sprockets-rails (~> 2.0)
    rails-i18n (4.0.4)
      i18n (~> 0.6)
      railties (~> 4.0)
    railties (4.1.6)
      actionpack (= 4.1.6)
      activesupport (= 4.1.6)
      rake (>= 0.8.7)
      thor (>= 0.18.1, < 2.0)
    rainbow (3.0.0)
    rake (10.4.2)
    ransack (1.4.1)
      actionpack (>= 3.0)
      activerecord (>= 3.0)
      activesupport (>= 3.0)
      i18n
      polyamorous (~> 1.1)
    rdoc (4.3.0)
    ref (2.0.0)
    reform (2.2.4)
      disposable (>= 0.4.1)
      representable (>= 2.4.0, < 3.1.0)
    representable (3.0.4)
      declarative (< 0.1.0)
      declarative-option (< 0.2.0)
      uber (< 0.2.0)
    rest-client (2.0.2)
      http-cookie (>= 1.0.2, < 2.0)
      mime-types (>= 1.16, < 4.0)
      netrc (~> 0.8)
    rubocop (0.57.2)
      jaro_winkler (~> 1.5.1)
      parallel (~> 1.10)
      parser (>= 2.5)
      powerpack (~> 0.1)
      rainbow (>= 2.2.2, < 4.0)
      ruby-progressbar (~> 1.7)
      unicode-display_width (~> 1.0, >= 1.0.1)
    ruby-progressbar (1.10.0)
    sass (3.2.19)
    sass-rails (4.0.5)
      railties (>= 4.0.0, < 5.0)
      sass (~> 3.2.2)
      sprockets (~> 2.8, < 3.0)
      sprockets-rails (~> 2.0)
    sdoc (0.4.1)
      json (~> 1.7, >= 1.7.7)
      rdoc (~> 4.0)
    select2-rails (3.5.9.3)
      thor (~> 0.14)
    spree (2.3.4)
      spree_api (= 2.3.4)
      spree_backend (= 2.3.4)
      spree_cmd (= 2.3.4)
      spree_core (= 2.3.4)
      spree_frontend (= 2.3.4)
      spree_sample (= 2.3.4)
    spree_api (2.3.4)
      rabl (~> 0.9.4.pre1)
      spree_core (= 2.3.4)
      versioncake (~> 2.3.1)
    spree_backend (2.3.4)
      jquery-rails (~> 3.1.2)
      jquery-ui-rails (~> 4.1.0)
      select2-rails (~> 3.5.0)
      spree_api (= 2.3.4)
      spree_core (= 2.3.4)
    spree_cmd (2.3.4)
      thor (~> 0.14)
    spree_core (2.3.4)
      activemerchant (~> 1.44.1)
      acts_as_list (= 0.3.0)
      awesome_nested_set (~> 3.0.0.rc.3)
      aws-sdk (= 1.27.0)
      cancancan (~> 1.9.2)
      deface (~> 1.0.0)
      ffaker (~> 1.16)
      font-awesome-rails (~> 4.0)
      friendly_id (~> 5.0.4)
      highline (~> 1.6.18)
      httparty (~> 0.11)
      json (~> 1.7)
      kaminari (~> 0.16.1)
      monetize
      paperclip (~> 4.2.0)
      paranoia (~> 2.0)
      rails (~> 4.1.6)
      ransack (~> 1.4.1)
      state_machine (= 1.2.0)
      stringex (~> 1.5.1)
      truncate_html (= 0.9.2)
    spree_frontend (2.3.4)
      canonical-rails (~> 0.0.4)
      jquery-rails (~> 3.1.2)
      spree_api (= 2.3.4)
      spree_core (= 2.3.4)
      stringex (~> 1.5.1)
    spree_sample (2.3.4)
      spree_core (= 2.3.4)
    spring (1.3.6)
    sprockets (2.12.4)
      hike (~> 1.2)
      multi_json (~> 1.0)
      rack (~> 1.0)
      tilt (~> 1.1, != 1.3.0)
    sprockets-rails (2.3.2)
      actionpack (>= 3.0)
      activesupport (>= 3.0)
      sprockets (>= 2.8, < 4.0)
    sshkit (1.7.1)
      colorize (>= 0.7.0)
      net-scp (>= 1.1.2)
      net-ssh (>= 2.8.0)
    state_machine (1.2.0)
    stringex (1.5.1)
    therubyracer (0.12.2)
      libv8 (~> 3.16.14.0)
      ref
    thor (0.20.3)
    thread_safe (0.3.5)
    tilt (1.4.1)
    tinymce-rails (4.0.28.2)
      railties (>= 3.1.1)
    tinymce-rails-langs (4.20140129)
      tinymce-rails (~> 4.0)
    truncate_html (0.9.2)
    tui_image_editor (0.1.1)
      rails
      sass
      sass-rails
    turbolinks (2.5.3)
      coffee-rails
    tzinfo (1.2.2)
      thread_safe (~> 0.1)
    uber (0.1.0)
    uglifier (2.7.1)
      execjs (>= 0.3.0)
      json (>= 1.8.0)
    unf (0.1.4)
      unf_ext
    unf_ext (0.0.7.1)
    unicode-display_width (1.4.1)
    uuidtools (2.1.5)
    versioncake (2.3.1)
      actionpack (>= 3.2)
      activesupport (>= 3.2)
      railties (>= 3.2)
      tzinfo
    warden (1.2.7)
      rack (>= 1.0)
    webrobots (0.1.1)
    whenever (0.9.4)
      chronic (>= 0.6.3)

PLATFORMS
  ruby

DEPENDENCIES
  angularjs-rails
  bootstrap-datepicker-rails
  bootstrap-select-rails
  browser
  capistrano (~> 3.1)
  capistrano-rails (~> 1.1)
  capistrano-rvm
  capistrano3-delayed-job (~> 1.0)
  chosen-rails
  coffee-rails (~> 4.0.0)
  daemons
  delayed_job_active_record
  dynamic_sitemaps
  fancybox2-rails (~> 0.2.8)
  fb_graph
  font-awesome-rails
  geoip
  highcharts-rails
  httpclient
  jbuilder (~> 2.0)
  jquery-rails (~> 3.1.3)
  mechanize
  mysql2
  net-scp (~> 1.1.2)
  nokogiri
  popper_js
  pusher (~> 1.3, >= 1.3.2)
  quiet_assets
  rails (~> 4.1.6)
  reform
  rest-client
  rubocop
  sass-rails (~> 4.0.3)
  sdoc (~> 0.4.0)
  spree (= 2.3.4)
  spree_auth_devise!
  spree_blogging_spree!
  spree_bootstrap_frontend!
  spree_editor!
  spree_gateway!
  spree_i18n!
  spree_multi_domain!
  spree_reviews!
  spree_social!
  spree_static_content!
  spree_volume_pricing!
  spring (= 1.3.6)
  therubyracer
  tinymce-rails-langs
  tui_image_editor (~> 0.1.1)
  turbolinks
  uglifier (>= 1.3.0)
  whenever (~> 0.9.0)

BUNDLED WITH
   1.17.3
